PATH
  remote: .
  specs:
    freshmail (0.2.0)
      faraday
      json

GEM
  remote: https://rubygems.org/
  specs:
    awesome_print (1.2.0)
    coderay (1.1.0)
    faraday (0.15.3)
      multipart-post (>= 1.2, < 3)
    json (2.1.0)
    method_source (0.8.2)
    multipart-post (2.0.0)
    pry (0.10.1)
      coderay (~> 1.1.0)
      method_source (~> 0.8.1)
      slop (~> 3.4)
    pry-doc (0.6.0)
      pry (~> 0.9)
      yard (~> 0.8)
    pry-rails (0.3.2)
      pry (>= 0.9.10)
    slop (3.6.0)
    sqlite3 (1.3.10)
    yard (0.9.16)

PLATFORMS
  ruby

DEPENDENCIES
  awesome_print
  freshmail!
  pry-doc
  pry-rails
  sqlite3

BUNDLED WITH
   1.16.1
